{
  "aor": 0.0023667592592592594,
  "aqi": 0.020193641944444445,
  "bids_meta": {
    "AcquisitionMatrixPE": 74,
    "AcquisitionNumber": 1,
    "AcquisitionTime": "11:16:59.642500",
    "BandwidthPerPixelPhaseEncode": 27.579,
    "BaseResolution": 74,
    "BodyPartExamined": "BRAIN",
    "CogAtlasID": "TODO",
    "CoilString": "HE1-4;NE1_2",
    "ConsistencyInfo": "N4_VE11C_LATEST_20160120",
    "ConversionSoftware": "dcm2niix",
    "ConversionSoftwareVersion": "v1.0.20190410  GCC6.3.0",
    "DerivedVendorReportedEchoSpacing": 0.000489993,
    "DeviceSerialNumber": "166048",
    "DwellTime": 2.9e-06,
    "EchoTime": 0.023,
    "EchoTrainLength": 74,
    "EffectiveEchoSpacing": 0.000489993,
    "FlipAngle": 76,
    "ImageOrientationPatientDICOM": [
      1,
      0,
      0,
      0,
      0.954761,
      -0.297375
    ],
    "ImageType": [
      "ORIGINAL",
      "PRIMARY",
      "M",
      "ND",
      "NORM",
      "MOSAIC"
    ],
    "ImagingFrequency": 123.246,
    "InPlanePhaseEncodingDirectionDICOM": "COL",
    "InstitutionAddress": "North_13th_1701_Philadelphia_PA_US_19122",
    "InstitutionName": "Temple_University_-_Weiss_Hall",
    "InstitutionalDepartmentName": "Department",
    "MRAcquisitionType": "2D",
    "MagneticFieldStrength": 3,
    "Manufacturer": "Siemens",
    "ManufacturersModelName": "Prisma",
    "Modality": "MR",
    "PartialFourier": 1,
    "PatientPosition": "HFS",
    "PercentPhaseFOV": 100,
    "PhaseEncodingDirection": "j-",
    "PhaseEncodingSteps": 74,
    "PhaseResolution": 1,
    "PixelBandwidth": 2330,
    "ProcedureStepDescription": "SMITH_SRNDNA",
    "ProtocolName": "func-bold_trust_run3",
    "PulseSequenceDetails": "%SiemensSeq%_ep2d_bold",
    "ReceiveCoilActiveElements": "HE1-4;NE1,2",
    "ReceiveCoilName": "HeadNeck_20",
    "ReconMatrixPE": 74,
    "RepetitionTime": 2.02,
    "SAR": 0.0958013,
    "ScanOptions": "FS",
    "ScanningSequence": "EP",
    "SequenceName": "_epfid2d1_74",
    "SequenceVariant": "SK",
    "SeriesDescription": "func-bold_trust_run3",
    "SeriesNumber": 12,
    "ShimSetting": [
      1450,
      -7409,
      6556,
      526,
      104,
      87,
      -106,
      53
    ],
    "SliceThickness": 2.8,
    "SliceTiming": [
      1.945,
      1.8875,
      1.8325,
      1.7775,
      1.7225,
      1.665,
      1.61,
      1.555,
      1.5,
      1.445,
      1.3875,
      1.3325,
      1.2775,
      1.2225,
      1.165,
      1.11,
      1.055,
      1,
      0.945,
      0.8875,
      0.8325,
      0.7775,
      0.7225,
      0.6675,
      0.61,
      0.555,
      0.5,
      0.445,
      0.3875,
      0.3325,
      0.2775,
      0.2225,
      0.1675,
      0.11,
      0.055,
      0
    ],
    "SoftwareVersions": "syngo_MR_E11",
    "SpacingBetweenSlices": 3.22,
    "StationName": "AWP166048",
    "TaskName": "trust",
    "TotalReadoutTime": 0.0357695,
    "TxRefAmp": 257.693,
    "dataset": "<unset>",
    "modality": "bold",
    "run_id": 4,
    "subject_id": "130",
    "task_id": "trust"
  },
  "dummy_trs": 1,
  "dvars_nstd": 34.33300468093023,
  "dvars_std": 1.1349231918604652,
  "dvars_vstd": 0.982884928883721,
  "efc": 0.4954901347134239,
  "fber": 1897.842529296875,
  "fd_mean": 0.43485036490009205,
  "fd_num": 185,
  "fd_perc": 85.64814814814815,
  "fwhm_avg": 2.3541613675124906,
  "fwhm_x": 2.257497896469737,
  "fwhm_y": 2.56059181607166,
  "fwhm_z": 2.244394389996075,
  "gcor": 0.0206056,
  "gsr_x": -0.0009272146271541715,
  "gsr_y": 0.022578958421945572,
  "provenance": {
    "md5sum": "991625045aedec8ed504aa49bba04969",
    "settings": {
      "fd_thres": 0.2,
      "hmc_fsl": false,
      "testing": false
    },
    "software": "mriqc",
    "version": "0.15.2",
    "webapi_port": null,
    "webapi_url": "https://mriqc.nimh.nih.gov/api/v1"
  },
  "size_t": 216,
  "size_x": 74,
  "size_y": 74,
  "size_z": 36,
  "snr": 5.230149614678806,
  "spacing_tr": 2.0199999809265137,
  "spacing_x": 2.972972869873047,
  "spacing_y": 2.972972869873047,
  "spacing_z": 3.2200000286102295,
  "summary_bg_k": 57.309110442956154,
  "summary_bg_mad": 8.14744762184493,
  "summary_bg_mean": 30.74192237854004,
  "summary_bg_median": 17.23611068725586,
  "summary_bg_n": 120959.0,
  "summary_bg_p05": 8.902777671813965,
  "summary_bg_p95": 99.58379898071286,
  "summary_bg_stdv": 40.23967742919922,
  "summary_fg_k": 3.4529603390824883,
  "summary_fg_mad": 117.59915916761571,
  "summary_fg_mean": 780.6207885742188,
  "summary_fg_median": 775.3333740234375,
  "summary_fg_n": 39472.0,
  "summary_fg_p05": 572.5069519042969,
  "summary_fg_p95": 1007.7414306640621,
  "summary_fg_stdv": 148.24118041992188,
  "tsnr": 40.77086433896329
}