{
  "AcquisitionMatrixPE": 74,
  "AcquisitionNumber": 1,
  "BandwidthPerPixelPhaseEncode": 27.579,
  "BaseResolution": 74,
  "BodyPartExamined": "BRAIN",
  "CogAtlasID": "TODO",
  "CoilString": "HE1-4;NE1_2",
  "ConsistencyInfo": "N4_VE11C_LATEST_20160120",
  "ConversionSoftware": "dcm2niix",
  "ConversionSoftwareVersion": "v1.0.20190410  GCC6.3.0",
  "DerivedVendorReportedEchoSpacing": 0.000489993,
  "DeviceSerialNumber": "166048",
  "DwellTime": 2.9e-06,
  "EchoTime": 0.023,
  "EchoTrainLength": 74,
  "EffectiveEchoSpacing": 0.000489993,
  "FlipAngle": 76,
  "ImageOrientationPatientDICOM": [1, 0, 0, 0, 0.954761, -0.297375],
  "ImageType": [
    "ORIGINAL",
    "PRIMARY",
    "M",
    "ND",
    "NORM",
    "MOSAIC"
],
  "ImagingFrequency": 123.246,
  "InPlanePhaseEncodingDirectionDICOM": "COL",
  "InstitutionAddress": "North_13th_1701_Philadelphia_PA_US_19122",
  "InstitutionName": "Temple_University_-_Weiss_Hall",
  "InstitutionalDepartmentName": "Department",
  "MRAcquisitionType": "2D",
  "MagneticFieldStrength": 3,
  "Manufacturer": "Siemens",
  "ManufacturersModelName": "Prisma",
  "Modality": "MR",
  "PartialFourier": 1,
  "PatientPosition": "HFS",
  "PercentPhaseFOV": 100,
  "PhaseEncodingDirection": "j-",
  "PhaseEncodingSteps": 74,
  "PhaseResolution": 1,
  "PixelBandwidth": 2330,
  "ProcedureStepDescription": "SMITH_SRNDNA",
  "PulseSequenceDetails": "%SiemensSeq%_ep2d_bold",
  "ReceiveCoilActiveElements": "HE1-4;NE1,2",
  "ReceiveCoilName": "HeadNeck_20",
  "ReconMatrixPE": 74,
  "RepetitionTime": 2.02,
  "SAR": 0.095774,
  "ScanOptions": "FS",
  "ScanningSequence": "EP",
  "SequenceName": "_epfid2d1_74",
  "SequenceVariant": "SK",
  "ShimSetting": [1450, -7409, 6556, 526, 104, 87, -106, 53],
  "SliceThickness": 2.8,
  "SoftwareVersions": "syngo_MR_E11",
  "SpacingBetweenSlices": 3.22,
  "StationName": "AWP166048",
  "TaskName": "TODO: full task name for ultimatum",
  "TotalReadoutTime": 0.0357695,
  "TxRefAmp": 257.693}